GEM
  remote: https://rubygems.org/
  specs:
    base64 (0.3.0)
    bcrypt (3.1.20)
    digest (3.2.0)
    sqlite3 (2.7.3-aarch64-linux-gnu)
    sqlite3 (2.7.3-aarch64-linux-musl)
    sqlite3 (2.7.3-arm-linux-gnu)
    sqlite3 (2.7.3-arm-linux-musl)
    sqlite3 (2.7.3-arm64-darwin)
    sqlite3 (2.7.3-x86-linux-gnu)
    sqlite3 (2.7.3-x86-linux-musl)
    sqlite3 (2.7.3-x86_64-darwin)
    sqlite3 (2.7.3-x86_64-linux-gnu)
    sqlite3 (2.7.3-x86_64-linux-musl)

PLATFORMS
  aarch64-linux-gnu
  aarch64-linux-musl
  arm-linux-gnu
  arm-linux-musl
  arm64-darwin
  x86-linux-gnu
  x86-linux-musl
  x86_64-darwin
  x86_64-linux-gnu
  x86_64-linux-musl

DEPENDENCIES
  base64
  bcrypt
  digest
  sqlite3

BUNDLED WITH
   2.7.1
